GEM
  remote: https://rubygems.org/
  specs:
    activemodel (7.0.4)
      activesupport (= 7.0.4)
    activerecord (7.0.4)
      activemodel (= 7.0.4)
      activesupport (= 7.0.4)
    activesupport (7.0.4)
      concurrent-ruby (~> 1.0, >= 1.0.2)
      i18n (>= 1.6, < 2)
      minitest (>= 5.1)
      tzinfo (~> 2.0)
    addressable (2.8.1)
      public_suffix (>= 2.0.2, < 6.0)
    capybara (3.38.0)
      addressable
      matrix
      mini_mime (>= 0.1.3)
      nokogiri (~> 1.8)
      rack (>= 1.6.0)
      rack-test (>= 0.6.3)
      regexp_parser (>= 1.5, < 3.0)
      xpath (~> 3.2)
    coderay (1.1.3)
    concurrent-ruby (1.1.10)
    daemons (1.4.1)
    database_cleaner (2.0.1)
      database_cleaner-active_record (~> 2.0.0)
    database_cleaner-active_record (2.0.1)
      activerecord (>= 5.a)
      database_cleaner-core (~> 2.0.0)
    database_cleaner-core (2.0.1)
    diff-lcs (1.5.0)
    eventmachine (1.2.7)
    flt (1.5.4)
    i18n (1.12.0)
      concurrent-ruby (~> 1.0)
    launchy (2.5.2)
      addressable (~> 2.8)
    matrix (0.4.2)
    method_source (1.0.0)
    mini_mime (1.1.2)
    minitest (5.16.3)
    multi_json (1.15.0)
    mustermann (3.0.0)
      ruby2_keywords (~> 0.0.1)
    nio (0.2.5)
      flt (>= 1.0.0)
    nio4r (2.5.8)
    nokogiri (1.13.10-x86_64-linux)
      racc (~> 1.4)
    pg (1.4.5)
    power_assert (2.0.3)
    pry (0.14.1)
      coderay (~> 1.1)
      method_source (~> 1.0)
    public_suffix (5.0.1)
    puma (6.0.1)
      nio4r (~> 2.0)
    racc (1.6.2)
    rack (2.2.5)
    rack-protection (3.0.5)
      rack
    rack-test (2.0.2)
      rack (>= 1.3)
    regexp_parser (2.6.1)
    rexml (3.2.5)
    rspec (3.12.0)
      rspec-core (~> 3.12.0)
      rspec-expectations (~> 3.12.0)
      rspec-mocks (~> 3.12.0)
    rspec-core (3.12.0)
      rspec-support (~> 3.12.0)
    rspec-expectations (3.12.1)
      diff-lcs (>= 1.2.0, < 2.0)
      rspec-support (~> 3.12.0)
    rspec-mocks (3.12.1)
      diff-lcs (>= 1.2.0, < 2.0)
      rspec-support (~> 3.12.0)
    rspec-support (3.12.0)
    ruby2_keywords (0.0.5)
    rubyzip (2.3.2)
    selenium-webdriver (4.7.1)
      rexml (~> 3.2, >= 3.2.5)
      rubyzip (>= 1.2.2, < 3.0)
      websocket (~> 1.0)
    sinatra (3.0.5)
      mustermann (~> 3.0)
      rack (~> 2.2, >= 2.2.4)
      rack-protection (= 3.0.5)
      tilt (~> 2.0)
    sinatra-bootstrap (0.6.1)
      sinatra (>= 1.0)
      sinatra-outputbuffer
    sinatra-contrib (3.0.5)
      multi_json
      mustermann (~> 3.0)
      rack-protection (= 3.0.5)
      sinatra (= 3.0.5)
      tilt (~> 2.0)
    sinatra-outputbuffer (0.1.0)
      sinatra (>= 1.0.a)
    sqlite3 (1.5.4-x86_64-linux)
    test-unit (3.5.7)
      power_assert
    thin (1.8.1)
      daemons (~> 1.0, >= 1.0.9)
      eventmachine (~> 1.0, >= 1.0.4)
      rack (>= 1, < 3)
    tilt (2.0.11)
    tzinfo (2.0.5)
      concurrent-ruby (~> 1.0)
    websocket (1.2.9)
    xpath (3.2.0)
      nokogiri (~> 1.8)

PLATFORMS
  x86_64-linux

DEPENDENCIES
  activesupport
  capybara
  database_cleaner
  launchy
  nio
  pg
  pry
  puma
  rack
  rack-test
  rspec
  selenium-webdriver
  sinatra
  sinatra-bootstrap
  sinatra-contrib
  sqlite3
  test-unit
  thin

BUNDLED WITH
   2.3.26
